GEM
  remote: https://rubygems.org/
  specs:
    activemodel (6.1.7.6)
      activesupport (= 6.1.7.6)
    activerecord (6.1.7.6)
      activemodel (= 6.1.7.6)
      activesupport (= 6.1.7.6)
    activesupport (6.1.7.6)
      concurrent-ruby (~> 1.0, >= 1.0.2)
      i18n (>= 1.6, < 2)
      minitest (>= 5.1)
      tzinfo (~> 2.0)
      zeitwerk (~> 2.3)
    concurrent-ruby (1.2.2)
    i18n (1.14.1)
      concurrent-ruby (~> 1.0)
    mini_portile2 (2.8.4)
    minitest (5.20.0)
    mustermann (3.0.0)
      ruby2_keywords (~> 0.0.1)
    nio4r (2.5.9)
    puma (6.3.1)
      nio4r (~> 2.0)
    rack (2.2.8)
    rack-protection (3.1.0)
      rack (~> 2.2, >= 2.2.4)
    rake (13.0.6)
    ruby2_keywords (0.0.5)
    sinatra (3.1.0)
      mustermann (~> 3.0)
      rack (~> 2.2, >= 2.2.4)
      rack-protection (= 3.1.0)
      tilt (~> 2.0)
    sinatra-activerecord (2.0.26)
      activerecord (>= 4.1)
      sinatra (>= 1.0)
    sqlite3 (1.6.6)
      mini_portile2 (~> 2.8.0)
    tilt (2.3.0)
    tzinfo (2.0.6)
      concurrent-ruby (~> 1.0)
    zeitwerk (2.6.11)

PLATFORMS
  -darwin-22

DEPENDENCIES
  puma
  rake
  sinatra
  sinatra-activerecord
  sqlite3
  zeitwerk

BUNDLED WITH
   2.4.13
